GEM
  remote: https://rubygems.org/
  specs:
    base64 (0.2.0)
    ffi (1.17.1)
    listen (3.9.0)
      rb-fsevent (~> 0.10, >= 0.10.3)
      rb-inotify (~> 0.9, >= 0.9.10)
    mustermann (3.0.3)
      ruby2_keywords (~> 0.0.1)
    rack (2.2.10)
    rack-protection (3.2.0)
      base64 (>= 0.1.0)
      rack (~> 2.2, >= 2.2.4)
    rb-fsevent (0.11.2)
    rb-inotify (0.11.1)
      ffi (~> 1.0)
    rerun (0.14.0)
      listen (~> 3.0)
    ruby2_keywords (0.0.5)
    sinatra (3.2.0)
      mustermann (~> 3.0)
      rack (~> 2.2, >= 2.2.4)
      rack-protection (= 3.2.0)
      tilt (~> 2.0)
    tilt (2.6.0)

PLATFORMS
  arm64-darwin-23
  x86_64-linux

DEPENDENCIES
  rerun
  sinatra (>= 2.0.1)

RUBY VERSION
   ruby 2.6.10p210

BUNDLED WITH
   2.4.22
